PATH
  remote: .
  specs:
    open_api_rack (0.1.3)

GEM
  remote: https://rubygems.org/
  specs:
    rake (13.0.6)

PLATFORMS
  arm64-darwin-21

DEPENDENCIES
  open_api_rack!
  rake (~> 13.0)

BUNDLED WITH
   2.2.33
